GEM
  remote: http://rubygems.org/
  specs:
    bourbon (2.1.1)
      sass (>= 3.1)
    sass (3.1.20)

PLATFORMS
  ruby

DEPENDENCIES
  bourbon
  sass
